GEM
  remote: https://rubygems.org/
  specs:
    celluloid (0.16.0)
      timers (~> 4.0.0)
    connection_pool (2.1.3)
    diplomat (0.5.1)
      faraday (~> 0.9)
      json (~> 1.8)
    faraday (0.9.1)
      multipart-post (>= 1.2, < 3)
    hitimes (1.2.2)
    hitimes (1.2.2-java)
    json (1.8.2)
    json (1.8.2-java)
    multipart-post (2.0.0)
    redis (3.2.1)
    redis-namespace (1.5.1)
      redis (~> 3.0, >= 3.0.4)
    sidekiq (3.3.3)
      celluloid (>= 0.16.0)
      connection_pool (>= 2.1.1)
      json
      redis (>= 3.0.6)
      redis-namespace (>= 1.3.1)
    timers (4.0.1)
      hitimes

PLATFORMS
  java
  ruby

DEPENDENCIES
  diplomat
  sidekiq
